GEM
  remote: https://rubygems.org/
  specs:
    asciidoctor (1.5.8)
    asciidoctor-latex (1.5.0.17.dev)
      asciidoctor (~> 1.5, >= 1.5.2)
      htmlentities (~> 4.3)
      opal (~> 0.6.3)
    asciidoctor-revealjs (2.0.0)
      asciidoctor (>= 1.5.6, < 2.1)
      concurrent-ruby (~> 1.0)
      thread_safe (~> 0.3.5)
    bibtex-ruby (5.1.0)
      latex-decode (~> 0.0)
    coderay (1.1.2)
    concurrent-ruby (1.1.5)
    htmlentities (4.3.4)
    json (2.3.0)
    latex-decode (0.3.1)
    opal (0.6.3)
      source_map
      sprockets
    rack (2.1.4.1)
    source_map (3.0.1)
      json
    sprockets (3.7.2)
      concurrent-ruby (~> 1.0)
      rack (> 1, < 3)
    thread_safe (0.3.6)

PLATFORMS
  ruby

DEPENDENCIES
  asciidoctor
  asciidoctor-latex
  asciidoctor-revealjs
  bibtex-ruby
  coderay

BUNDLED WITH
   2.0.2
